GEM
  remote: http://rubygems.org/
  specs:
    aruba (0.4.2)
      bcat (>= 0.6.1)
      childprocess (>= 0.1.9)
      cucumber (>= 0.10.7)
      rdiscount (>= 1.6.8)
      rspec (>= 2.6.0)
    bcat (0.6.2)
      rack (~> 1.0)
    builder (3.2.4)
    capybara (1.0.0)
      mime-types (>= 1.16)
      nokogiri (>= 1.3.3)
      rack (>= 1.0.0)
      rack-test (>= 0.5.4)
      selenium-webdriver (~> 0.2.0)
      xpath (~> 0.1.4)
    childprocess (3.0.0)
    chunky_png (1.2.0)
    colored (1.2)
    cucumber (1.0.0)
      builder (>= 2.1.2)
      diff-lcs (>= 1.1.2)
      gherkin (~> 2.4.1)
      json (>= 1.4.6)
      term-ansicolor (>= 1.0.5)
    diff-lcs (1.1.3)
    ffi (1.12.2)
    gherkin (2.4.21)
      json (>= 1.4.6)
    json (2.3.0)
    json_pure (1.5.3)
    mime-types (1.16)
    nokogiri (1.4.6)
    rack (1.6.13)
    rack-test (0.6.0)
      rack (>= 1.0)
    rdiscount (2.2.0.1)
    rspec (2.6.0)
      rspec-core (~> 2.6.0)
      rspec-expectations (~> 2.6.0)
      rspec-mocks (~> 2.6.0)
    rspec-core (2.6.4)
    rspec-expectations (2.6.0)
      diff-lcs (~> 1.1.2)
    rspec-mocks (2.6.0)
    rubyzip (0.9.4)
    selenium-webdriver (0.2.1)
      childprocess (>= 0.1.7)
      ffi (>= 1.0.7)
      json_pure
      rubyzip
    sync (0.5.0)
    term-ansicolor (1.7.1)
      tins (~> 1.0)
    tins (1.24.1)
      sync
    xpath (0.1.4)
      nokogiri (~> 1.3)

PLATFORMS
  ruby

DEPENDENCIES
  aruba (= 0.4.2)
  capybara (= 1.0.0)
  chunky_png
  colored
  cucumber (= 1.0.0)
  rspec (= 2.6.0)

BUNDLED WITH
   1.17.3
